GEM
  remote: https://rubygems.org/
  specs:
    gli (2.12.2)
    httparty (0.13.3)
      json (~> 1.8)
      multi_xml (>= 0.5.2)
    json (1.8.2)
    json_pure (1.8.2)
    multi_json (1.10.1)
    multi_xml (0.5.5)
    rake (10.4.2)
    terminal-table (1.4.5)

PLATFORMS
  ruby

DEPENDENCIES
  httparty (~> 0.13)
